GEM
  remote: https://rubygems.org/
  specs:
    activesupport (5.2.8.1)
      concurrent-ruby (~> 1.0, >= 1.0.2)
      i18n (>= 0.7, < 2)
      minitest (~> 5.1)
      tzinfo (~> 1.1)
    colorize (0.8.1)
    concurrent-ruby (1.1.10)
    dotenv (2.2.2)
    i18n (1.12.0)
      concurrent-ruby (~> 1.0)
    kwalify (0.7.2)
    minitest (5.17.0)
    net-scp (1.2.1)
      net-ssh (>= 2.6.5)
    net-sftp (2.1.2)
      net-ssh (>= 2.6.5)
    net-ssh (4.2.0)
    net-ssh-gateway (2.0.0)
      net-ssh (>= 4.0.0)
    photocopier (1.3.2)
      activesupport (~> 5.1, >= 5.1.1)
      net-scp (~> 1.2, >= 1.2.1)
      net-sftp (~> 2.1.2)
      net-ssh (~> 4.1)
      net-ssh-gateway (~> 2.0)
    thor (0.19.4)
    thread_safe (0.3.6)
    tzinfo (1.2.10)
      thread_safe (~> 0.1)
    wordmove (4.0.1)
      activesupport (~> 5.1, >= 5.1.1)
      colorize (~> 0.8.1)
      dotenv (~> 2.2.1)
      kwalify (~> 0)
      photocopier (~> 1.3, >= 1.3.2)
      thor (~> 0.19.4)

PLATFORMS
  ruby

DEPENDENCIES
  wordmove

BUNDLED WITH
   1.17.3
